PATH
  remote: /home/netmon/vob/Rforum
  specs:
    rforum (0.0.1)
      rails (~> 3.2.3)

PATH
  remote: /home/netmon/vob/Rtheme
  specs:
    rtheme (0.0.1)
      rails (~> 3.2.2)

PATH
  remote: /home/netmon/vob/Ruser
  specs:
    ruser (0.0.1)
      bson_ext (= 1.5.2)
      cancan (~> 1.6.7)
      carrierwave (= 0.5.7)
      carrierwave-mongoid (= 0.1.2)
      carrierwave-upyun (= 0.1.3)
      cells (= 3.8.3)
      devise (~> 2.0.4)
      mail_view
      mini_magick (= 3.3)
      mongo-rails-instrumentation (= 0.2.4)
      mongoid (= 2.4.3)
      mongoid_auto_increment_id (= 0.4.0)
      mongoid_rails_migrations (~> 0.0.14)
      omniauth (~> 1.0.1)
      omniauth-github (~> 1.0.0)
      omniauth-openid (~> 1.0.1)
      omniauth-twitter (~> 0.0.7)
      rails (~> 3.2.3)
      rails (~> 3.2.3)
      redis-namespace (~> 1.0.2)
      redis-objects (= 0.5.2)
      resque (~> 1.20.0)
      resque_mailer (= 2.0.2)
      ruby-github
      settingslogic (~> 2.0.6)
      watir-webdriver

PATH
  remote: ~/vob/github/bootstrap-rails
  specs:
    bootstrap-rails (0.1.4)
      railties (~> 3.0)
      thor (~> 0.14)

PATH
  remote: ~/vob/github/grape
  specs:
    grape (0.2.0)
      hashie (~> 1.2)
      multi_json
      multi_xml
      rack
      rack-mount

PATH
  remote: ~/vob/github/mail_view
  specs:
    mail_view (1.0.1)
      tilt

PATH
  remote: ~/vob/github/quiet_assets
  specs:
    quiet_assets (0.0.1)

PATH
  remote: ~/vob/github/simple_form
  specs:
    simple_form (2.0.2.dev)
      actionpack (~> 3.0)
      activemodel (~> 3.0)

GEM
  remote: http://ruby.taobao.org/
  specs:
    actionmailer (3.2.3)
      actionpack (= 3.2.3)
      mail (~> 2.4.4)
    actionpack (3.2.3)
      activemodel (= 3.2.3)
      activesupport (= 3.2.3)
      builder (~> 3.0.0)
      erubis (~> 2.7.0)
      journey (~> 1.0.1)
      rack (~> 1.4.0)
      rack-cache (~> 1.2)
      rack-test (~> 0.6.1)
      sprockets (~> 2.1.2)
    activemodel (3.2.3)
      activesupport (= 3.2.3)
      builder (~> 3.0.0)
    activerecord (3.2.3)
      activemodel (= 3.2.3)
      activesupport (= 3.2.3)
      arel (~> 3.0.2)
      tzinfo (~> 0.3.29)
    activeresource (3.2.3)
      activemodel (= 3.2.3)
      activesupport (= 3.2.3)
    activesupport (3.2.3)
      i18n (~> 0.6)
      multi_json (~> 1.0)
    addressable (2.2.7)
    arel (3.0.2)
    aws-ses (0.4.4)
      builder
      mail (> 2.2.5)
      mime-types
      xml-simple
    bcrypt-ruby (3.0.1)
    blankslate (2.1.2.4)
    bootstrap-will_paginate (0.0.3)
      will_paginate
    bson (1.5.2)
    bson_ext (1.5.2)
      bson (= 1.5.2)
    builder (3.0.0)
    cancan (1.6.7)
    capistrano (2.9.0)
      highline
      net-scp (>= 1.0.0)
      net-sftp (>= 2.0.0)
      net-ssh (>= 2.0.14)
      net-ssh-gateway (>= 1.1.0)
    capybara (1.1.2)
      mime-types (>= 1.16)
      nokogiri (>= 1.3.3)
      rack (>= 1.0.0)
      rack-test (>= 0.5.4)
      selenium-webdriver (~> 2.0)
      xpath (~> 0.1.4)
    carrierwave (0.5.7)
      activesupport (~> 3.0)
    carrierwave-mongoid (0.1.2)
      carrierwave (>= 0.5.6)
      mongoid (~> 2.1)
    carrierwave-upyun (0.1.3)
      carrierwave (>= 0.5.7)
      rest-client (>= 1.6.7)
    cells (3.8.3)
      actionpack (~> 3.0)
      railties (~> 3.0)
    childprocess (0.3.1)
      ffi (~> 1.0.6)
    chunky_png (1.2.5)
    coffee-rails (3.2.2)
      coffee-script (>= 2.2.0)
      railties (~> 3.2.0)
    coffee-script (2.2.0)
      coffee-script-source
      execjs
    coffee-script-source (1.2.0)
    daemon-spawn (0.4.2)
    daemons (1.1.8)
    dalli (1.1.1)
    devise (2.0.4)
      bcrypt-ruby (~> 3.0)
      orm_adapter (~> 0.0.3)
      railties (~> 3.1)
      warden (~> 1.1.1)
    diff-lcs (1.1.3)
    erubis (2.7.0)
    escape (0.0.4)
    eventmachine (0.12.10)
    execjs (1.3.0)
      multi_json (~> 1.0)
    factory_girl (3.0.0)
      activesupport (>= 3.0.0)
    factory_girl_rails (3.0.0)
      factory_girl (~> 3.0.0)
      railties (>= 3.0.0)
    faraday (0.7.6)
      addressable (~> 2.2)
      multipart-post (~> 1.1)
      rack (~> 1.1)
    fattr (2.2.1)
    ffi (1.0.11)
    guard (1.0.1)
      ffi (>= 0.5.0)
      thor (~> 0.14.6)
    guard-rspec (0.7.0)
      guard (>= 0.10.0)
    guard-spork (0.6.0)
      guard (>= 0.10.0)
      spork (>= 0.8.4)
    hashie (1.2.0)
    highline (1.6.11)
    hike (1.2.1)
    hoe (3.0.2)
      rake (~> 0.8)
    hpricot (0.8.6)
    i18n (0.6.0)
    journey (1.0.3)
    jquery-atwho-rails (0.1.3)
    jquery-rails (1.0.16)
      railties (~> 3.0)
      thor (~> 0.14)
    json (1.6.6)
    kgio (2.7.4)
    launchy (2.1.0)
      addressable (~> 2.2.6)
    libnotify (0.7.2)
    mail (2.4.4)
      i18n (>= 0.4.0)
      mime-types (~> 1.16)
      treetop (~> 1.4.8)
    mash (0.1.1)
    memcache-client (1.8.5)
    mime-types (1.18)
    mini_magick (3.3)
      subexec (~> 0.1.0)
    mongo (1.5.2)
      bson (= 1.5.2)
    mongo-rails-instrumentation (0.2.4)
    mongoid (2.4.3)
      activemodel (~> 3.1)
      mongo (~> 1.3)
      tzinfo (~> 0.3.22)
    mongoid_auto_increment_id (0.4.0)
      mongoid (~> 2.4.0)
    mongoid_rails_migrations (0.0.14)
      activesupport (>= 3.0.0)
      bundler (>= 1.0.0)
      rails (>= 3.0.0)
      railties (>= 3.0.0)
    multi_json (1.2.0)
    multi_xml (0.4.2)
    multipart-post (1.1.5)
    net-scp (1.0.4)
      net-ssh (>= 1.99.1)
    net-sftp (2.0.5)
      net-ssh (>= 2.0.9)
    net-ssh (2.3.0)
    net-ssh-gateway (1.1.0)
      net-ssh (>= 1.99.1)
    nokogiri (1.5.2)
    oauth (0.4.5)
    oauth2 (0.5.2)
      faraday (~> 0.7)
      multi_json (~> 1.0)
    omniauth (1.0.3)
      hashie (~> 1.2)
      rack
    omniauth-github (1.0.1)
      omniauth (~> 1.0)
      omniauth-oauth2 (~> 1.0)
    omniauth-oauth (1.0.1)
      oauth
      omniauth (~> 1.0)
    omniauth-oauth2 (1.0.0)
      oauth2 (~> 0.5.0)
      omniauth (~> 1.0)
    omniauth-openid (1.0.1)
      omniauth (~> 1.0)
      rack-openid (~> 1.3.1)
    omniauth-twitter (0.0.9)
      omniauth-oauth (~> 1.0)
    options (2.3.0)
      fattr
    orm_adapter (0.0.7)
    polyglot (0.3.3)
    pr_geohash (1.0.0)
    progress_bar (0.4.0)
      highline (~> 1.6.1)
      options (~> 2.3.0)
    pygments.rb (0.2.8)
      rubypython (~> 0.5.3)
    rack (1.4.1)
    rack-cache (1.2)
      rack (>= 0.4)
    rack-mount (0.8.3)
      rack (>= 1.0.0)
    rack-openid (1.3.1)
      rack (>= 1.1.0)
      ruby-openid (>= 2.1.8)
    rack-protection (1.2.0)
      rack
    rack-ssl (1.3.2)
      rack
    rack-test (0.6.1)
      rack (>= 1.0)
    rails (3.2.3)
      actionmailer (= 3.2.3)
      actionpack (= 3.2.3)
      activerecord (= 3.2.3)
      activeresource (= 3.2.3)
      activesupport (= 3.2.3)
      bundler (~> 1.0)
      railties (= 3.2.3)
    rails-i18n (0.1.8)
      i18n (~> 0.5)
    rails_autolink (1.0.6)
      rails (~> 3.1)
    railties (3.2.3)
      actionpack (= 3.2.3)
      activesupport (= 3.2.3)
      rack-ssl (~> 1.3.2)
      rake (>= 0.8.7)
      rdoc (~> 3.4)
      thor (~> 0.14.6)
    raindrops (0.8.0)
    rake (0.9.2.2)
    rdoc (3.12)
      json (~> 1.4)
    redcarpet (2.0.1)
    redis (2.2.2)
    redis-namespace (1.0.3)
      redis (< 3.0.0)
    redis-objects (0.5.2)
      redis (>= 2.1.1)
    resque (1.20.0)
      multi_json (~> 1.0)
      redis-namespace (~> 1.0.2)
      sinatra (>= 0.9.2)
      vegas (~> 0.1.2)
    resque_mailer (2.0.2)
      actionmailer (>= 3.0.0)
      resque (>= 1.2.3)
    rest-client (1.6.7)
      mime-types (>= 1.16)
    rsolr (1.0.7)
      builder (>= 2.1.2)
    rspec (2.8.0)
      rspec-core (~> 2.8.0)
      rspec-expectations (~> 2.8.0)
      rspec-mocks (~> 2.8.0)
    rspec-cells (0.1.2)
      cells (~> 3.4)
      rails (~> 3.0)
      rspec-rails (~> 2.2)
    rspec-core (2.8.0)
    rspec-expectations (2.8.0)
      diff-lcs (~> 1.1.2)
    rspec-mocks (2.8.0)
    rspec-rails (2.8.1)
      actionpack (>= 3.0)
      activesupport (>= 3.0)
      railties (>= 3.0)
      rspec (~> 2.8.0)
    ruby-github (0.0.3)
      hoe (>= 1.5.1)
      json
      mash (>= 0.0.3)
    ruby-openid (2.1.8)
    rubypython (0.5.3)
      blankslate (>= 2.1.2.3)
      ffi (~> 1.0.7)
    rubyzip (0.9.6.1)
    sass (3.1.15)
    sass-rails (3.2.5)
      railties (~> 3.2.0)
      sass (>= 3.1.10)
      tilt (~> 1.3)
    selenium-webdriver (2.20.0)
      childprocess (>= 0.2.5)
      ffi (~> 1.0)
      multi_json (~> 1.0)
      rubyzip
    settingslogic (2.0.8)
    simplecov (0.6.1)
      multi_json (~> 1.0)
      simplecov-html (~> 0.5.3)
    simplecov-html (0.5.3)
    sinatra (1.3.2)
      rack (~> 1.3, >= 1.3.6)
      rack-protection (~> 1.2)
      tilt (~> 1.3, >= 1.3.3)
    social-share-button (0.0.3)
    spork (1.0.0rc2)
    spork-rails (3.2.0)
      rails (>= 3.0.0, < 3.3.0)
      spork (>= 1.0rc0)
    sprite-factory (1.4.1)
    sprockets (2.1.2)
      hike (~> 1.2)
      rack (~> 1.0)
      tilt (~> 1.1, != 1.3.0)
    subexec (0.1.0)
    sunspot (1.3.1)
      escape (~> 0.0.4)
      pr_geohash (~> 1.0)
      rsolr (~> 1.0.7)
    sunspot-rails-tester (0.0.4)
      sunspot_rails (~> 1.2)
    sunspot_rails (1.3.1)
      nokogiri
      sunspot (= 1.3.1)
    sunspot_solr (1.3.1)
      escape (~> 0.0.4)
    thin (1.3.1)
      daemons (>= 1.0.9)
      eventmachine (>= 0.12.6)
      rack (>= 1.0.0)
    thor (0.14.6)
    tilt (1.3.3)
    treetop (1.4.10)
      polyglot
      polyglot (>= 0.3.1)
    tzinfo (0.3.32)
    uglifier (1.2.4)
      execjs (>= 0.3.0)
      multi_json (>= 1.0.2)
    unicorn (4.2.1)
      kgio (~> 2.6)
      rack
      raindrops (~> 0.7)
    vegas (0.1.11)
      rack (>= 1.0.0)
    warden (1.1.1)
      rack (>= 1.0)
    watir-webdriver (0.5.4)
      selenium-webdriver (>= 2.18.0)
    will_paginate (3.0.2)
    will_paginate_mongoid (1.0.4)
      bson_ext (~> 1.5)
      mongoid (~> 2.4)
      will_paginate (~> 3.0.2)
    xml-simple (1.1.1)
    xpath (0.1.4)
      nokogiri (~> 1.3)

PLATFORMS
  ruby

DEPENDENCIES
  aws-ses (~> 0.4.3)
  bootstrap-rails!
  bootstrap-will_paginate (= 0.0.3)
  bson_ext (= 1.5.2)
  cancan (~> 1.6.7)
  capistrano (= 2.9.0)
  capybara
  carrierwave (= 0.5.7)
  carrierwave-mongoid (= 0.1.2)
  carrierwave-upyun (= 0.1.3)
  chunky_png (= 1.2.5)
  coffee-rails (~> 3.2.1)
  daemon-spawn
  dalli (= 1.1.1)
  factory_girl_rails (~> 3.0.0)
  grape!
  guard
  guard-rspec
  guard-spork
  hpricot (~> 0.8.5)
  jquery-atwho-rails (= 0.1.3)
  jquery-rails (= 1.0.16)
  kgio (= 2.7.4)
  launchy
  libnotify
  mail_view!
  memcache-client (= 1.8.5)
  mini_magick (= 3.3)
  mongo-rails-instrumentation (= 0.2.4)
  mongoid (= 2.4.3)
  mongoid_auto_increment_id (= 0.4.0)
  mongoid_rails_migrations (~> 0.0.14)
  progress_bar
  pygments.rb (= 0.2.8)
  quiet_assets!
  rails (= 3.2.3)
  rails-i18n (= 0.1.8)
  rails_autolink (>= 1.0.4)
  redcarpet (~> 2.0.0)
  redis-namespace (~> 1.0.2)
  redis-objects (= 0.5.2)
  resque (~> 1.20.0)
  resque_mailer (= 2.0.2)
  rforum!
  rspec-cells
  rspec-rails (~> 2.8.1)
  rtheme!
  ruby-github
  ruser!
  sass-rails (~> 3.2.3)
  settingslogic (~> 2.0.6)
  simple_form!
  simplecov
  social-share-button (~> 0.0.3)
  spork-rails
  sprite-factory (= 1.4.1)
  sunspot-rails-tester
  sunspot_rails (~> 1.3.0)
  sunspot_solr
  thin
  uglifier (>= 1.0.3)
  unicorn
  will_paginate (= 3.0.2)
  will_paginate_mongoid (~> 1.0.2)
